GIT
  remote: git://github.com/newrelic/ci_reporter.git
  revision: ffaf36ee59c5b797f9b29a1753958ebecc744aa0
  specs:
    ci_reporter (1.6.4)
      builder (>= 2.1.2)

PATH
  remote: ../ruby_agent
  specs:
    newrelic_rpm (3.5.6.2.local)

GEM
  remote: http://rubygems.org/
  specs:
    actionmailer (2.3.11)
      actionpack (= 2.3.11)
    actionpack (2.3.11)
      activesupport (= 2.3.11)
      rack (~> 1.1.0)
    activerecord (2.3.11)
      activesupport (= 2.3.11)
    activeresource (2.3.11)
      activesupport (= 2.3.11)
    activesupport (2.3.11)
    builder (3.0.0)
    gemcutter (0.5.0)
      json_pure
    git (1.2.5)
    jeweler (1.4.0)
      gemcutter (>= 0.1.0)
      git (>= 1.2.5)
      rubyforge (>= 2.0.0)
    json_pure (1.5.1)
    mocha (0.9.8)
      rake
    mysql (2.8.1)
    rack (1.1.2)
    rack-test (0.6.1)
      rack (>= 1.0)
    rails (2.3.11)
      actionmailer (= 2.3.11)
      actionpack (= 2.3.11)
      activerecord (= 2.3.11)
      activeresource (= 2.3.11)
      activesupport (= 2.3.11)
      rake (>= 0.8.3)
    rake (0.9.2)
    rubyforge (2.0.4)
      json_pure (>= 1.1.7)
    shoulda (2.11.3)
    sqlite3-ruby (1.2.5)
    test-unit (2.3.2)

PLATFORMS
  ruby

DEPENDENCIES
  ci_reporter!
  gemcutter (= 0.5.0)
  jeweler (= 1.4.0)
  mocha (= 0.9.8)
  mysql (= 2.8.1)
  newrelic_rpm!
  rack
  rack-test
  rails (= 2.3.11)
  shoulda
  sqlite3-ruby (= 1.2.5)
  test-unit
