GEM
  remote: http://rubygems.org/
  specs:
    actionmailer (2.0.2)
      actionpack (= 2.0.2)
    actionpack (2.0.2)
      activesupport (= 2.0.2)
    activerecord (2.0.2)
      activesupport (= 2.0.2)
    activeresource (2.0.2)
      activesupport (= 2.0.2)
    activesupport (2.0.2)
    builder (3.0.0)
    ci_reporter (1.6.0)
      builder (>= 2.1.2)
    gemcutter (0.5.0)
      json_pure
    git (1.2.5)
    jeweler (1.4.0)
      gemcutter (>= 0.1.0)
      git (>= 1.2.5)
      rubyforge (>= 2.0.0)
    json_pure (1.5.1)
    mocha (0.9.8)
      rake
    mysql (2.8.1)
    rack (1.3.5)
    rack-test (0.6.1)
      rack (>= 1.0)
    rails (2.0.2)
      actionmailer (= 2.0.2)
      actionpack (= 2.0.2)
      activerecord (= 2.0.2)
      activeresource (= 2.0.2)
      activesupport (= 2.0.2)
      rake (>= 0.7.2)
    rake (0.9.2.2)
    rubyforge (2.0.4)
      json_pure (>= 1.1.7)
    sequel (3.46.0)
    shoulda (3.0.1)
      shoulda-context (~> 1.0.0)
      shoulda-matchers (~> 1.0.0)
    shoulda-context (1.0.2)
    shoulda-matchers (1.0.0)
    sqlite3-ruby (1.2.5)

PLATFORMS
  ruby

DEPENDENCIES
  ci_reporter (= 1.6.0)
  gemcutter (= 0.5.0)
  jeweler (= 1.4.0)
  mocha (= 0.9.8)
  mysql (= 2.8.1)
  rack
  rack-test
  rails (= 2.0.2)
  sequel (~> 3.46.0)
  shoulda (~> 3.0.0)
  sqlite3-ruby (= 1.2.5)
